GEM
  remote: https://rubygems.org/
  specs:
    coderay (1.0.8)
    daemons (1.1.9)
    diff-lcs (1.1.3)
    eventmachine (1.0.0)
    foreman (0.61.0)
      thor (>= 0.13.6)
    guard (1.6.2)
      listen (>= 0.6.0)
      lumberjack (>= 1.0.2)
      pry (>= 0.9.10)
      terminal-table (>= 1.4.3)
      thor (>= 0.14.6)
    guard-rspec (2.4.0)
      guard (>= 1.1)
      rspec (~> 2.11)
    httparty (0.10.2)
      multi_json (~> 1.0)
      multi_xml (>= 0.5.2)
    listen (0.7.2)
    lumberjack (1.0.2)
    meta-spotify (0.3.0)
      httparty (> 0.8)
    method_source (0.8.1)
    multi_json (1.5.0)
    multi_xml (0.5.2)
    pry (0.9.11.4)
      coderay (~> 1.0.5)
      method_source (~> 0.8)
      slop (~> 3.4)
    rack (1.5.0)
    rack-protection (1.3.2)
      rack
    rack-test (0.6.2)
      rack (>= 1.0)
    rake (10.0.3)
    rb-fsevent (0.9.3)
    rspec (2.12.0)
      rspec-core (~> 2.12.0)
      rspec-expectations (~> 2.12.0)
      rspec-mocks (~> 2.12.0)
    rspec-core (2.12.2)
    rspec-expectations (2.12.1)
      diff-lcs (~> 1.1.3)
    rspec-mocks (2.12.2)
    shotgun (0.9)
      rack (>= 1.0)
    simplecov (0.7.1)
      multi_json (~> 1.0)
      simplecov-html (~> 0.7.1)
    simplecov-html (0.7.1)
    sinatra (1.3.4)
      rack (~> 1.4)
      rack-protection (~> 1.3)
      tilt (~> 1.3, >= 1.3.3)
    slop (3.4.3)
    terminal-table (1.4.5)
    thin (1.5.0)
      daemons (>= 1.0.9)
      eventmachine (>= 0.12.6)
      rack (>= 1.0.0)
    thor (0.17.0)
    tilt (1.3.3)

PLATFORMS
  ruby

DEPENDENCIES
  foreman
  guard-rspec
  meta-spotify
  rack-test
  rake
  rb-fsevent
  rspec
  shotgun
  simplecov
  sinatra
  thin
